GEM
  specs:
    chipmunk (6.1.3.4)
    gosu (0.10.8-x86-mingw32)

PLATFORMS
  x86-mingw32

DEPENDENCIES
  chipmunk
  gosu

BUNDLED WITH
   1.13.0
